GEM
  remote: https://rubygems.org/
  specs:
    activesupport (3.2.13)
      i18n (= 0.6.1)
      multi_json (~> 1.0)
    diffy (3.0.1)
    i18n (0.6.1)
    metaclass (0.0.1)
    minitest (5.0.7)
    mocha (0.14.0)
      metaclass (~> 0.0.1)
    multi_json (1.8.0)
    rake (10.1.0)
    simplecov (0.7.1)
      multi_json (~> 1.0)
      simplecov-html (~> 0.7.1)
    simplecov-html (0.7.1)
    thor (0.18.1)

PLATFORMS
  ruby

DEPENDENCIES
  activesupport
  diffy
  minitest
  mocha
  rake
  simplecov
  thor
